GEM
  remote: https://rubygems.org/
  specs:
    ast (2.1.0)
    astrolabe (1.3.1)
      parser (~> 2.2)
    colorize (0.5.8)
    ffi (1.0.11)
    ffi (1.0.11-java)
    foreman (0.60.2)
      thor (>= 0.13.6)
    gem-ripper-tags (1.0.6)
      ripper-tags (>= 0.1.2)
    git-smart (0.1.9)
      colorize
    interactive_editor (0.0.10)
      spoon (>= 0.0.1)
    omglog (0.0.7)
      rb-fsevent (~> 0.9.0)
      rb-inotify (~> 0.8.8)
    parser (2.2.2.6)
      ast (>= 1.1, < 3.0)
    powerpack (0.1.1)
    rainbow (2.0.0)
    rb-fsevent (0.9.1)
    rb-inotify (0.8.8)
      ffi (>= 0.5.0)
    ripper-tags (0.3.2)
    rubocop (0.34.2)
      astrolabe (~> 1.3)
      parser (>= 2.2.2.5, < 3.0)
      powerpack (~> 0.1)
      rainbow (>= 1.99.1, < 3.0)
      ruby-progressbar (~> 1.4)
    ruby-beautify (0.97.3)
    ruby-progressbar (1.7.5)
    spoon (0.0.4)
      ffi
    thor (0.16.0)

PLATFORMS
  java
  ruby

DEPENDENCIES
  foreman
  gem-ripper-tags
  git-smart
  interactive_editor
  omglog
  ripper-tags
  rubocop
  ruby-beautify

BUNDLED WITH
   1.10.6
