GEM
  remote: https://rubygems.org/
  specs:
    colorize (0.5.8)
    ffi (1.0.11)
    ffi (1.0.11-java)
    foreman (0.60.2)
      thor (>= 0.13.6)
    git-smart (0.1.9)
      colorize
    omglog (0.0.7)
      rb-fsevent (~> 0.9.0)
      rb-inotify (~> 0.8.8)
    rb-fsevent (0.9.1)
    rb-inotify (0.8.8)
      ffi (>= 0.5.0)
    thor (0.16.0)

PLATFORMS
  java
  ruby

DEPENDENCIES
  foreman
  git-smart
  omglog

BUNDLED WITH
   1.10.3
