GEM
  remote: https://rubygems.org/
  specs:
    ast (2.1.0)
    astrolabe (1.3.1)
      parser (~> 2.2)
    ffi (1.0.11)
    ffi (1.0.11-java)
    gem-ripper-tags (1.0.6)
      ripper-tags (>= 0.1.2)
    interactive_editor (0.0.10)
      spoon (>= 0.0.1)
    parser (2.2.2.6)
      ast (>= 1.1, < 3.0)
    powder (0.3.0)
      thor (>= 0.11.5)
    powerpack (0.1.1)
    rainbow (2.0.0)
    ripper-tags (0.3.2)
    rubocop (0.34.2)
      astrolabe (~> 1.3)
      parser (>= 2.2.2.5, < 3.0)
      powerpack (~> 0.1)
      rainbow (>= 1.99.1, < 3.0)
      ruby-progressbar (~> 1.4)
    ruby-beautify (0.97.3)
    ruby-progressbar (1.7.5)
    spoon (0.0.4)
      ffi
    thor (0.16.0)
    thyme (0.0.15)
      ruby-progressbar (~> 1.0)

PLATFORMS
  java
  ruby

DEPENDENCIES
  gem-ripper-tags
  interactive_editor
  powder
  ripper-tags
  rubocop
  ruby-beautify
  thyme

BUNDLED WITH
   1.10.6
